STORAGE: NONE
RESTRICTION: == net50
NUGET
  remote: https://api.nuget.org/v3/index.json
    Argu (6.1.1)
      FSharp.Core (>= 4.3.2)
      System.Configuration.ConfigurationManager (>= 4.4)
    FParsec (1.1.1)
      FSharp.Core (>= 4.3.4)
    FSharp.Core (5.0)
    Microsoft.NETCore.Platforms (5.0) - restriction: || (== netcoreapp3.1) (&& (== netstandard2.0) (>= netcoreapp2.0)) (&& (== netstandard2.1) (>= netcoreapp2.0))
    Microsoft.Win32.SystemEvents (5.0) - restriction: || (== netcoreapp3.1) (&& (== netstandard2.0) (>= netcoreapp3.0)) (&& (== netstandard2.1) (>= netcoreapp3.0))
      Microsoft.NETCore.Platforms (>= 5.0) - restriction: || (&& (== net50) (== netcoreapp3.1)) (&& (== net50) (== netstandard2.0)) (&& (== net50) (== netstandard2.1))
    System.Buffers (4.5.1) - restriction: || (&& (== netcoreapp3.1) (>= monotouch)) (&& (== netcoreapp3.1) (>= net461)) (&& (== netcoreapp3.1) (< netcoreapp2.0)) (&& (== netcoreapp3.1) (< netcoreapp2.1) (>= xamarinios)) (&& (== netcoreapp3.1) (< netcoreapp2.1) (>= xamarinmac)) (&& (== netcoreapp3.1) (< netcoreapp2.1) (>= xamarintvos)) (&& (== netcoreapp3.1) (< netcoreapp2.1) (>= xamarinwatchos)) (&& (== netcoreapp3.1) (< netstandard1.1)) (&& (== netcoreapp3.1) (< netstandard2.0)) (== netstandard2.0) (== netstandard2.1)
    System.Configuration.ConfigurationManager (5.0)
      System.Security.Cryptography.ProtectedData (>= 5.0)
      System.Security.Permissions (>= 5.0)
    System.Drawing.Common (5.0) - restriction: || (== netcoreapp3.1) (&& (== netstandard2.0) (>= netcoreapp3.0)) (&& (== netstandard2.1) (>= netcoreapp3.0))
      Microsoft.Win32.SystemEvents (>= 5.0) - restriction: || (&& (== net50) (== netcoreapp3.1)) (&& (== net50) (== netstandard2.0)) (&& (== net50) (== netstandard2.1))
    System.Memory (4.5.4) - restriction: || (&& (== netcoreapp3.1) (< netcoreapp2.1)) (== netstandard2.0) (== netstandard2.1)
      System.Buffers (>= 4.5.1) - restriction: || (&& (== net50) (== netcoreapp3.1) (>= monotouch)) (&& (== net50) (== netcoreapp3.1) (>= net461)) (&& (== net50) (== netcoreapp3.1) (< netcoreapp2.0)) (&& (== net50) (== netcoreapp3.1) (< netstandard1.1)) (&& (== net50) (== netcoreapp3.1) (< netstandard2.0)) (&& (== net50) (== netcoreapp3.1) (>= xamarinios)) (&& (== net50) (== netcoreapp3.1) (>= xamarinmac)) (&& (== net50) (== netcoreapp3.1) (>= xamarintvos)) (&& (== net50) (== netcoreapp3.1) (>= xamarinwatchos)) (&& (== net50) (== netstandard2.0)) (&& (== net50) (== netstandard2.1))
      System.Numerics.Vectors (>= 4.4) - restriction: || (&& (== net50) (== netcoreapp3.1) (< netcoreapp2.0)) (&& (== net50) (== netstandard2.0)) (&& (== net50) (== netstandard2.1))
      System.Runtime.CompilerServices.Unsafe (>= 4.5.3) - restriction: || (&& (== net50) (== netcoreapp3.1) (>= monotouch)) (&& (== net50) (== netcoreapp3.1) (>= net461)) (&& (== net50) (== netcoreapp3.1) (< netcoreapp2.0)) (&& (== net50) (== netcoreapp3.1) (< netcoreapp2.1)) (&& (== net50) (== netcoreapp3.1) (< netstandard1.1)) (&& (== net50) (== netcoreapp3.1) (< netstandard2.0)) (&& (== net50) (== netcoreapp3.1) (>= uap10.1)) (&& (== net50) (== netcoreapp3.1) (>= xamarinios)) (&& (== net50) (== netcoreapp3.1) (>= xamarinmac)) (&& (== net50) (== netcoreapp3.1) (>= xamarintvos)) (&& (== net50) (== netcoreapp3.1) (>= xamarinwatchos)) (&& (== net50) (== netstandard2.0)) (&& (== net50) (== netstandard2.1))
    System.Numerics.Vectors (4.5) - restriction: || (&& (== netcoreapp3.1) (< netcoreapp2.0)) (== netstandard2.0) (== netstandard2.1)
    System.Runtime.CompilerServices.Unsafe (5.0) - restriction: || (&& (== netcoreapp3.1) (>= monotouch)) (&& (== netcoreapp3.1) (>= net461)) (&& (== netcoreapp3.1) (< netcoreapp2.0)) (&& (== netcoreapp3.1) (< netcoreapp2.1)) (&& (== netcoreapp3.1) (< netstandard1.1)) (&& (== netcoreapp3.1) (< netstandard2.0)) (&& (== netcoreapp3.1) (>= uap10.1)) (== netstandard2.0) (== netstandard2.1)
    System.Security.AccessControl (5.0)
      Microsoft.NETCore.Platforms (>= 5.0) - restriction: || (&& (== net50) (== netcoreapp3.1)) (&& (== net50) (== netstandard2.0)) (&& (== net50) (== netstandard2.1))
      System.Security.Principal.Windows (>= 5.0)
    System.Security.Cryptography.ProtectedData (5.0)
      System.Memory (>= 4.5.4) - restriction: || (&& (== net50) (== netcoreapp3.1) (< netcoreapp2.1)) (&& (== net50) (== netstandard2.0)) (&& (== net50) (== netstandard2.1))
    System.Security.Permissions (5.0)
      System.Security.AccessControl (>= 5.0)
      System.Windows.Extensions (>= 5.0) - restriction: || (&& (== net50) (== netcoreapp3.1)) (&& (== net50) (== netstandard2.0)) (&& (== net50) (== netstandard2.1))
    System.Security.Principal.Windows (5.0)
    System.Windows.Extensions (5.0) - restriction: || (== netcoreapp3.1) (&& (== netstandard2.0) (>= netcoreapp3.0)) (&& (== netstandard2.1) (>= netcoreapp3.0))
      System.Drawing.Common (>= 5.0) - restriction: || (&& (== net50) (== netcoreapp3.1)) (&& (== net50) (== netstandard2.0)) (&& (== net50) (== netstandard2.1))
